GEM
  remote: https://rubygems.org/
  specs:
    builder (3.2.0)
    coderay (1.0.9)
    colored (1.2)
    cucumber (1.3.1)
      builder (>= 2.1.2)
      diff-lcs (>= 1.1.3)
      gherkin (~> 2.12.0)
      multi_json (~> 1.3)
    diff-lcs (1.2.1)
    gherkin (2.12.0)
      multi_json (~> 1.3)
    guard (1.6.2)
      listen (>= 0.6.0)
      lumberjack (>= 1.0.2)
      pry (>= 0.9.10)
      terminal-table (>= 1.4.3)
      thor (>= 0.14.6)
    guard-cucumber (1.4.0)
      cucumber (>= 1.2.0)
      guard (>= 1.1.0)
    guard-rspec (2.5.1)
      guard (>= 1.1)
      rspec (~> 2.11)
    listen (0.7.3)
    logger-colors (1.0.0)
    lumberjack (1.0.3)
    method_source (0.8.1)
    multi_json (1.7.2)
    pry (0.9.12)
      coderay (~> 1.0.5)
      method_source (~> 0.8)
      slop (~> 3.4)
    rb-fsevent (0.9.3)
    rspec (2.13.0)
      rspec-core (~> 2.13.0)
      rspec-expectations (~> 2.13.0)
      rspec-mocks (~> 2.13.0)
    rspec-core (2.13.1)
    rspec-expectations (2.13.0)
      diff-lcs (>= 1.1.3, < 2.0)
    rspec-mocks (2.13.0)
    simplecov (0.7.1)
      multi_json (~> 1.0)
      simplecov-html (~> 0.7.1)
    simplecov-html (0.7.1)
    slop (3.4.4)
    state_machine (1.1.2)
    terminal-table (1.4.5)
    thor (0.17.0)

PLATFORMS
  ruby

DEPENDENCIES
  colored (~> 1.2)
  cucumber (~> 1.3.1)
  guard (~> 1.6.2)
  guard-cucumber (~> 1.4.0)
  guard-rspec (~> 2.5.1)
  logger-colors (~> 1.0.0)
  rb-fsevent (~> 0.9.3)
  rspec (~> 2.13.0)
  simplecov (~> 0.7.1)
  state_machine (~> 1.1.2)
